GEM
  remote: https://rubygems.org/
  specs:
    json (1.8.1)
    net-dns2 (0.8.6)
      packetfu
    packetfu (1.1.10)
    rack (1.5.2)
    redis (3.1.0)

PLATFORMS
  ruby

DEPENDENCIES
  json (~> 1.8)
  net-dns2 (~> 0.8)
  rack (~> 1.5)
  redis (~> 3.1)
